GEM
  remote: https://rubygems.org/
  specs:
    colored (1.2)
    curses (1.0.1)

PLATFORMS
  ruby

DEPENDENCIES
  colored
  curses
